PATH
  remote: .
  specs:
    g2-messaging (0.3.17)
      activemodel (>= 3.0)
      activesupport (>= 3.0)
      connection_pool (= 2.2.1)
      json_schema_tools (= 0.6.6)
      king_konf
      racecar (= 0.3.7)
      ruby-kafka (= 0.5.5)

GEM
  remote: https://rubygems.org/
  specs:
    activemodel (5.2.0)
      activesupport (= 5.2.0)
    activesupport (5.2.0)
      concurrent-ruby (~> 1.0, >= 1.0.2)
      i18n (>= 0.7, < 2)
      minitest (~> 5.1)
      tzinfo (~> 1.1)
    coderay (1.1.1)
    concurrent-ruby (1.0.5)
    concurrent-ruby (1.0.5-java)
    connection_pool (2.2.1)
    diff-lcs (1.3)
    ffi (1.9.25)
    ffi (1.9.25-java)
    i18n (1.0.1)
      concurrent-ruby (~> 1.0)
    json (2.1.0)
    json (2.1.0-java)
    json_schema_tools (0.6.6)
      json
    king_konf (0.1.10)
    method_source (0.8.2)
    minitest (5.11.3)
    pry (0.10.4)
      coderay (~> 1.1.0)
      method_source (~> 0.8.1)
      slop (~> 3.4)
    pry (0.10.4-java)
      coderay (~> 1.1.0)
      method_source (~> 0.8.1)
      slop (~> 3.4)
      spoon (~> 0.0)
    racecar (0.3.7)
      king_konf (~> 0.1.9)
      ruby-kafka (~> 0.4)
    rake (10.5.0)
    rspec (3.7.0)
      rspec-core (~> 3.7.0)
      rspec-expectations (~> 3.7.0)
      rspec-mocks (~> 3.7.0)
    rspec-core (3.7.1)
      rspec-support (~> 3.7.0)
    rspec-expectations (3.7.0)
      diff-lcs (>= 1.2.0, < 2.0)
      rspec-support (~> 3.7.0)
    rspec-mocks (3.7.0)
      diff-lcs (>= 1.2.0, < 2.0)
      rspec-support (~> 3.7.0)
    rspec-support (3.7.1)
    ruby-kafka (0.5.5)
    slop (3.6.0)
    spoon (0.0.6)
      ffi
    thread_safe (0.3.6)
    thread_safe (0.3.6-java)
    tzinfo (1.2.5)
      thread_safe (~> 0.1)

PLATFORMS
  java
  ruby

DEPENDENCIES
  bundler (~> 1.16)
  g2-messaging!
  pry
  rake (~> 10.0)
  rspec (~> 3.7)

BUNDLED WITH
   1.16.2
